GEM
  remote: https://rubygems.org/
  specs:
    guard-compat (1.2.1)
    guard-minitest (2.4.6)
      guard-compat (~> 1.2)
      minitest (>= 3.0)
    minitest (5.9.0)
    rb-fsevent (0.9.7)
    ruby_gntp (0.3.4)

PLATFORMS
  ruby

DEPENDENCIES
  guard-minitest
  minitest
  rb-fsevent (~> 0.9.4)
  ruby_gntp

BUNDLED WITH
   1.12.5
